{
  "Manufacturer": "Philips",
  "ManufacturersModelName": "Achieva",
  "MagneticFieldStrength": 7,
  "ReceiveCoilName": "Nova Medical 1Tx32Rx",
  "InstitutionName": "University of Nottingham",
  "InstitutionAddress": "University Park, Nottingham, United Kingdom",
  "InstitutionalDepartmentName": "Sir Peter Mansfield Imaging Centre",
  "Units": "arbitrary",
  "ScanningSequence": "EP/GR",
  "SequenceName": "FEEPI",
  "MRAcquisitionType": "2D",
  "FlipAngle": 90,
  "EchoTime": 0.025,
  "PhaseEncodingDirection": "j-",
  "RepetitionTime": 7.5,
  "DelayTime": 6.28,
  "TaskName": "adaptation",
  "TaskDescription": "Sparse-sampling auditory fMRI experiment using narrow-band-filtered noise stimuli at multiple centre frequencies for tonotopic mapping and estimation of frequency-specific adaptation in human auditory cortex",
  "Instructions": "Participants listened passively to the auditory stimuli while watching a self-selected subtitled silent movie"
}